GEM
  remote: https://rubygems.org/
  specs:
    mini_magick (4.12.0)
    wavefile (1.1.2)

PLATFORMS
  x64-mingw-ucrt

DEPENDENCIES
  mini_magick
  wavefile

RUBY VERSION
   ruby 3.2.2p53

BUNDLED WITH
   2.4.10
