GEM
  remote: https://rubygems.org/
  specs:
    wavefile (1.1.2)

PLATFORMS
  x64-mingw-ucrt

DEPENDENCIES
  wavefile

RUBY VERSION
   ruby 3.2.2p53

BUNDLED WITH
   2.4.10
